GEM
  remote: http://rubygems.org/
  specs:
    bson (1.9.0)
    bson_ext (1.9.0)
      bson (~> 1.9.0)
    mongo (1.9.0)
      bson (~> 1.9.0)

PLATFORMS
  ruby

DEPENDENCIES
  bson_ext
  mongo
